GEM
  remote: https://rubygems.org/
  specs:
    pg (0.20.0)
    puma (3.10.0)
    rack (1.6.8)
    rack-protection (1.5.3)
      rack
    sinatra (1.4.8)
      rack (~> 1.5)
      rack-protection (~> 1.4)
      tilt (>= 1.3, < 3)
    tilt (2.0.8)

PLATFORMS
  ruby

DEPENDENCIES
  pg (~> 0.20.0)
  puma
  rack
  sinatra

RUBY VERSION
   ruby 2.4.2p198

BUNDLED WITH
   1.15.4
